GEM
  remote: https://rubygems.org/
  specs:
    activemodel (5.0.0.1)
      activesupport (= 5.0.0.1)
    activerecord (5.0.0.1)
      activemodel (= 5.0.0.1)
      activesupport (= 5.0.0.1)
      arel (~> 7.0)
    activesupport (5.0.0.1)
      concurrent-ruby (~> 1.0, >= 1.0.2)
      i18n (~> 0.7)
      minitest (~> 5.1)
      tzinfo (~> 1.1)
    arel (7.1.4)
    aws-sdk (2.6.32)
      aws-sdk-resources (= 2.6.32)
    aws-sdk-core (2.6.32)
      aws-sigv4 (~> 1.0)
      jmespath (~> 1.0)
    aws-sdk-resources (2.6.32)
      aws-sdk-core (= 2.6.32)
    aws-sigv4 (1.0.0)
    bcrypt (3.1.11)
    concurrent-ruby (1.0.2)
    faker (1.6.6)
      i18n (~> 0.5)
    figaro (1.1.1)
      thor (~> 0.14)
    i18n (0.7.0)
    jmespath (1.3.1)
    minitest (5.10.1)
    newrelic_rpm (3.17.1.326)
    pg (0.19.0)
    puma (3.6.2)
    rack (1.6.5)
    rack-protection (1.5.3)
      rack
    rack-test (0.6.3)
      rack (>= 1.0)
    rake (11.3.0)
    redis (3.3.2)
    sinatra (1.4.7)
      rack (~> 1.5)
      rack-protection (~> 1.4)
      tilt (>= 1.3, < 3)
    sinatra-activerecord (2.0.11)
      activerecord (>= 3.2)
      sinatra (~> 1.0)
    sqlite3 (1.3.12)
    thor (0.19.4)
    thread_safe (0.3.5)
    tilt (2.0.5)
    tzinfo (1.2.2)
      thread_safe (~> 0.1)

PLATFORMS
  ruby

DEPENDENCIES
  activerecord
  aws-sdk
  bcrypt
  faker
  figaro
  minitest
  newrelic_rpm
  pg
  puma
  rack-test
  rake
  redis
  sinatra
  sinatra-activerecord
  sqlite3

BUNDLED WITH
   1.12.5
