GEM
  remote: https://rubygems.org/
  specs:
    amq-protocol (2.0.1)
    bunny (2.6.1)
      amq-protocol (>= 2.0.1)
    rake (11.3.0)

PLATFORMS
  ruby

DEPENDENCIES
  bunny
  rake

BUNDLED WITH
   1.12.5
